PATH
  remote: .
  specs:
    highrise (3.0.8.4.1.7)
      activeresource (~> 4.0)

GEM
  remote: http://rubygems.org/
  specs:
    activemodel (4.1.7)
      activesupport (= 4.1.7)
      builder (~> 3.1)
    activeresource (4.0.0)
      activemodel (~> 4.0)
      activesupport (~> 4.0)
      rails-observers (~> 0.1.1)
    activesupport (4.1.7)
      i18n (~> 0.6, >= 0.6.9)
      json (~> 1.7, >= 1.7.7)
      minitest (~> 5.1)
      thread_safe (~> 0.1)
      tzinfo (~> 1.1)
    builder (3.2.2)
    diff-lcs (1.2.5)
    i18n (0.6.11)
    json (1.8.1)
    json (1.8.1-java)
    minitest (5.4.2)
    rails-observers (0.1.2)
      activemodel (~> 4.0)
    rake (10.3.2)
    rspec (2.99.0)
      rspec-core (~> 2.99.0)
      rspec-expectations (~> 2.99.0)
      rspec-mocks (~> 2.99.0)
    rspec-core (2.99.2)
    rspec-expectations (2.99.2)
      diff-lcs (>= 1.1.3, < 2.0)
    rspec-mocks (2.99.2)
    thread_safe (0.3.4)
    thread_safe (0.3.4-java)
    tzinfo (1.2.2)
      thread_safe (~> 0.1)

PLATFORMS
  java
  ruby

DEPENDENCIES
  highrise!
  rake (= 10.3.2)
  rspec (~> 2.99)
